GEM
  remote: http://rubygems.org/
  specs:
    actionpack (5.2.1)
      actionview (= 5.2.1)
      activesupport (= 5.2.1)
      rack (~> 2.0)
      rack-test (>= 0.6.3)
      rails-dom-testing (~> 2.0)
      rails-html-sanitizer (~> 1.0, >= 1.0.2)
    actionview (5.2.1)
      activesupport (= 5.2.1)
      builder (~> 3.1)
      erubi (~> 1.4)
      rails-dom-testing (~> 2.0)
      rails-html-sanitizer (~> 1.0, >= 1.0.3)
    activemodel (5.2.1)
      activesupport (= 5.2.1)
    activerecord (5.2.1)
      activemodel (= 5.2.1)
      activesupport (= 5.2.1)
      arel (>= 9.0)
    activesupport (5.2.1)
      concurrent-ruby (~> 1.0, >= 1.0.2)
      i18n (>= 0.7, < 2)
      minitest (~> 5.1)
      tzinfo (~> 1.1)
    ap (0.1.1)
      httparty (>= 0.7.7)
    arel (9.0.0)
    ast (2.4.0)
    awesome_print (1.8.0)
    brakeman (4.2.0)
    builder (3.2.3)
    cane (3.0.0)
      parallel
    coderay (1.1.2)
    concurrent-ruby (1.1.3)
    crass (1.0.4)
    daemons (1.2.6)
    database_cleaner (1.6.2)
    deckrb (0.5.2)
      coderay
      erector (>= 0.9.0)
      json
      nokogiri
      rack (>= 1.4.1)
      rack-codehighlighter
      redcarpet (~> 2)
      thin
      trollop
    diff-lcs (1.3)
    erector (0.10.0)
      treetop (>= 1.2.3)
    erubi (1.7.1)
    eventmachine (1.2.5)
    ffi (1.9.22)
    httparty (0.16.0)
      multi_xml (>= 0.5.2)
    i18n (1.1.1)
      concurrent-ruby (~> 1.0)
    json (2.1.0)
    listen (3.1.5)
      rb-fsevent (~> 0.9, >= 0.9.4)
      rb-inotify (~> 0.9, >= 0.9.7)
      ruby_dep (~> 1.2)
    loofah (2.2.3)
      crass (~> 1.0.2)
      nokogiri (>= 1.5.9)
    method_source (0.8.2)
    mini_portile2 (2.3.0)
    minitest (5.11.3)
    multi_xml (0.6.0)
    nokogiri (1.8.5)
      mini_portile2 (~> 2.3.0)
    parallel (1.12.1)
    parser (2.5.0.2)
      ast (~> 2.4.0)
    polyglot (0.3.5)
    powerpack (0.1.1)
    pry (0.10.4)
      coderay (~> 1.1.0)
      method_source (~> 0.8.1)
      slop (~> 3.4)
    pry-nav (0.2.4)
      pry (>= 0.9.10, < 0.11.0)
    rack (2.0.6)
    rack-codehighlighter (0.6.0)
      nokogiri (>= 1.4.1)
      rack (>= 2.0.0)
    rack-test (1.1.0)
      rack (>= 1.0, < 3)
    rails-dom-testing (2.0.3)
      activesupport (>= 4.2.0)
      nokogiri (>= 1.6)
    rails-html-sanitizer (1.0.4)
      loofah (~> 2.2, >= 2.2.2)
    railties (5.2.1)
      actionpack (= 5.2.1)
      activesupport (= 5.2.1)
      method_source
      rake (>= 0.8.7)
      thor (>= 0.19.0, < 2.0)
    rainbow (3.0.0)
    rake (12.3.1)
    rb-fsevent (0.10.2)
    rb-inotify (0.9.10)
      ffi (>= 0.5.0, < 2)
    redcarpet (2.3.0)
    rerun (0.13.0)
      listen (~> 3.0)
    rspec (3.7.0)
      rspec-core (~> 3.7.0)
      rspec-expectations (~> 3.7.0)
      rspec-mocks (~> 3.7.0)
    rspec-core (3.7.1)
      rspec-support (~> 3.7.0)
    rspec-expectations (3.7.0)
      diff-lcs (>= 1.2.0, < 2.0)
      rspec-support (~> 3.7.0)
    rspec-mocks (3.7.0)
      diff-lcs (>= 1.2.0, < 2.0)
      rspec-support (~> 3.7.0)
    rspec-rails (3.7.2)
      actionpack (>= 3.0)
      activesupport (>= 3.0)
      railties (>= 3.0)
      rspec-core (~> 3.7.0)
      rspec-expectations (~> 3.7.0)
      rspec-mocks (~> 3.7.0)
      rspec-support (~> 3.7.0)
    rspec-support (3.7.1)
    rubocop (0.52.1)
      parallel (~> 1.10)
      parser (>= 2.4.0.2, < 3.0)
      powerpack (~> 0.1)
      rainbow (>= 2.2.2, < 4.0)
      ruby-progressbar (~> 1.7)
      unicode-display_width (~> 1.0, >= 1.0.1)
    ruby-progressbar (1.9.0)
    ruby_dep (1.5.0)
    slop (3.6.0)
    sqlite3 (1.3.13)
    thin (1.7.2)
      daemons (~> 1.0, >= 1.0.9)
      eventmachine (~> 1.0, >= 1.0.4)
      rack (>= 1, < 3)
    thor (0.20.3)
    thread_safe (0.3.6)
    treetop (1.6.9)
      polyglot (~> 0.3)
    trollop (2.1.2)
    tzinfo (1.2.5)
      thread_safe (~> 0.1)
    unicode-display_width (1.3.0)
    yard (0.9.12)

PLATFORMS
  ruby

DEPENDENCIES
  activerecord (= 5.2.1)
  ap
  awesome_print
  brakeman
  cane
  database_cleaner
  deckrb
  pry-nav
  rerun
  rspec
  rspec-rails
  rubocop
  sqlite3
  thin
  yard

BUNDLED WITH
   1.17.1
